PATH
  remote: .
  specs:
    morph (0.0.1)
      archive-tar-minitar
      excon
      thor

GEM
  remote: https://rubygems.org/
  specs:
    archive-tar-minitar (0.5.2)
    excon (0.31.0)
    rake (10.1.1)
    thor (0.18.1)

PLATFORMS
  ruby

DEPENDENCIES
  bundler (~> 1.3)
  morph!
  rake
