PATH
  remote: .
  specs:
    morph (0.0.1)
      archive-tar-minitar
      rest-client
      thor

GEM
  remote: https://rubygems.org/
  specs:
    archive-tar-minitar (0.5.2)
    mime-types (1.25.1)
    rake (10.1.1)
    rest-client (1.6.7)
      mime-types (>= 1.16)
    thor (0.18.1)

PLATFORMS
  ruby

DEPENDENCIES
  bundler (~> 1.3)
  morph!
  rake
